PATH
  remote: .
  specs:
    project_b (0.1.0)

GEM
  remote: https://rubygems.org/
  specs:
    diff-lcs (1.4.4)
    rake (12.3.3)
    rspec (3.10.0)
      rspec-core (~> 3.10.0)
      rspec-expectations (~> 3.10.0)
      rspec-mocks (~> 3.10.0)
    rspec-core (3.10.1)
      rspec-support (~> 3.10.0)
    rspec-expectations (3.10.1)
      diff-lcs (>= 1.2.0, < 2.0)
      rspec-support (~> 3.10.0)
    rspec-mocks (3.10.2)
      diff-lcs (>= 1.2.0, < 2.0)
      rspec-support (~> 3.10.0)
    rspec-support (3.10.2)
    sorbet (0.5.9767)
      sorbet-static (= 0.5.9767)
    sorbet-runtime (0.5.6483)
    sorbet-static (0.5.9767-universal-darwin-14)
    sorbet-static (0.5.9767-universal-darwin-15)
    sorbet-static (0.5.9767-universal-darwin-16)
    sorbet-static (0.5.9767-universal-darwin-17)
    sorbet-static (0.5.9767-universal-darwin-18)
    sorbet-static (0.5.9767-universal-darwin-19)
    sorbet-static (0.5.9767-universal-darwin-20)
    sorbet-static (0.5.9767-universal-darwin-21)
    sorbet-static (0.5.9767-x86_64-linux)

PLATFORMS
  ruby
  x86_64-darwin-20
  x86_64-linux

DEPENDENCIES
  project_b!
  rake (~> 12.0)
  rspec (~> 3.0)
  sorbet (= 0.5.9767)
  sorbet-runtime (= 0.5.6483)

BUNDLED WITH
   2.1.4
